GEM
  remote: http://rubygems.org/
  specs:
    deep_clone (0.0.1)
    gem-release (2.2.2)
    ruby_grammar_builder (0.0.4)
      deep_clone (~> 0.0.1, >= 0.0.1)

PLATFORMS
  ruby

DEPENDENCIES
  gem-release
  ruby_grammar_builder (= 0.0.4)

BUNDLED WITH
   2.1.4
