GEM
  remote: http://rubygems.org/
  specs:
    docile (1.4.0)
    gem-release (2.2.2)
    minitest (5.14.4)
    simplecov (0.21.2)
      docile (~> 1.1)
      simplecov-html (~> 0.11)
      simplecov_json_formatter (~> 0.1)
    simplecov-html (0.12.3)
    simplecov-lcov (0.8.0)
    simplecov_json_formatter (0.1.3)

PLATFORMS
  ruby

DEPENDENCIES
  gem-release
  minitest (~> 5.14)
  simplecov (~> 0.21.2)
  simplecov-lcov (~> 0.8.0)

BUNDLED WITH
   2.1.4
